PATH
  remote: .
  specs:
    signed_api_request (0.0.1)

GEM
  remote: https://rubygems.org/
  specs:
    ansi (1.5.0)
    builder (3.2.2)
    coderay (1.1.0)
    method_source (0.8.2)
    minitest (5.8.4)
    minitest-reporters (1.1.7)
      ansi
      builder
      minitest (>= 5.0)
      ruby-progressbar
    pry (0.10.3)
      coderay (~> 1.1.0)
      method_source (~> 0.8.1)
      slop (~> 3.4)
    rake (10.5.0)
    ruby-progressbar (1.7.5)
    slop (3.6.0)
    timecop (0.8.0)

PLATFORMS
  ruby

DEPENDENCIES
  bundler
  minitest-reporters
  pry
  rake
  signed_api_request!
  timecop

BUNDLED WITH
   1.11.2
